PATH
  remote: .
  specs:
    lil_blaster (0.1.0)
      numbers_in_words (~> 1.0.1)
      pastel (~> 0.8.0)
      strings-case (~> 0.3.0)
      thor (~> 1.0.1)
      tty-config (~> 0.3.2)
      tty-prompt (~> 0.22.0)
      tty-spinner (~> 0.9.3)

GEM
  remote: https://rubygems.org/
  specs:
    activesupport (6.1.0)
      concurrent-ruby (~> 1.0, >= 1.0.2)
      i18n (>= 1.6, < 2)
      minitest (>= 5.1)
      tzinfo (~> 2.0)
      zeitwerk (~> 2.3)
    coderay (1.1.3)
    concurrent-ruby (1.1.7)
    diff-lcs (1.4.4)
    docile (1.3.2)
    factory_bot (6.1.0)
      activesupport (>= 5.0.0)
    i18n (1.8.5)
      concurrent-ruby (~> 1.0)
    method_source (1.0.0)
    minitest (5.14.2)
    numbers_in_words (1.0.1)
    pastel (0.8.0)
      tty-color (~> 0.5)
    pry (0.13.1)
      coderay (~> 1.1)
      method_source (~> 1.0)
    rake (12.3.3)
    rspec (3.9.0)
      rspec-core (~> 3.9.0)
      rspec-expectations (~> 3.9.0)
      rspec-mocks (~> 3.9.0)
    rspec-core (3.9.2)
      rspec-support (~> 3.9.3)
    rspec-expectations (3.9.2)
      diff-lcs (>= 1.2.0, < 2.0)
      rspec-support (~> 3.9.0)
    rspec-mocks (3.9.1)
      diff-lcs (>= 1.2.0, < 2.0)
      rspec-support (~> 3.9.0)
    rspec-support (3.9.3)
    simplecov (0.19.0)
      docile (~> 1.1)
      simplecov-html (~> 0.11)
    simplecov-html (0.12.2)
    strings-case (0.3.0)
    thor (1.0.1)
    tty-color (0.6.0)
    tty-config (0.3.2)
    tty-cursor (0.7.1)
    tty-prompt (0.22.0)
      pastel (~> 0.8)
      tty-reader (~> 0.8)
    tty-reader (0.9.0)
      tty-cursor (~> 0.7)
      tty-screen (~> 0.8)
      wisper (~> 2.0)
    tty-screen (0.8.1)
    tty-spinner (0.9.3)
      tty-cursor (~> 0.7)
    tzinfo (2.0.3)
      concurrent-ruby (~> 1.0)
    wisper (2.0.1)
    zeitwerk (2.4.2)

PLATFORMS
  ruby

DEPENDENCIES
  factory_bot (~> 6.1.0)
  lil_blaster!
  pry (~> 0.13.1)
  rake (~> 12.0)
  rspec (~> 3.0)
  simplecov (~> 0.19.0)

BUNDLED WITH
   2.1.4
